PATH
  remote: .
  specs:
    simple-spreadsheet (0.3.3)
      roo (>= 1.13)
      roo-xls (>= 1.0.0)

GEM
  remote: http://rubygems.org/
  specs:
    diff-lcs (1.1.3)
    mini_portile (0.6.2)
    nokogiri (1.6.6.2)
      mini_portile (~> 0.6.0)
    rake (0.9.2.2)
    roo (2.1.1)
      nokogiri (~> 1)
      rubyzip (~> 1.1, < 2.0.0)
    roo-xls (1.0.0)
      nokogiri
      roo (>= 2.0.0beta1, < 3)
      spreadsheet (> 0.9.0)
    rspec (2.6.0)
      rspec-core (~> 2.6.0)
      rspec-expectations (~> 2.6.0)
      rspec-mocks (~> 2.6.0)
    rspec-core (2.6.4)
    rspec-expectations (2.6.0)
      diff-lcs (~> 1.1.2)
    rspec-mocks (2.6.0)
    ruby-ole (1.2.11.8)
    rubyzip (1.1.7)
    spreadsheet (0.9.1)
      ruby-ole (>= 1.0)

PLATFORMS
  ruby

DEPENDENCIES
  rake (~> 0.9.2.2)
  rspec (~> 2.6.0)
  simple-spreadsheet!

BUNDLED WITH
   1.10.5
